GEM
  remote: http://rubygems.org/
  specs:
    activemodel (3.0.0.rc2)
      activesupport (= 3.0.0.rc2)
      builder (~> 2.1.2)
      i18n (~> 0.4.1)
    activerecord (3.0.0.rc2)
      activemodel (= 3.0.0.rc2)
      activesupport (= 3.0.0.rc2)
      arel (~> 1.0.0.rc1)
      tzinfo (~> 0.3.23)
    activesupport (3.0.0.rc2)
    arel (1.0.0.rc1)
      activesupport (>= 3.0.0.beta)
    builder (2.1.2)
    globalize3 (0.0.5)
      activerecord (>= 3.0.0.rc)
    i18n (0.4.1)
    json (1.4.6)
    sishen-rtranslate (1.3)
      json (>= 1.1.3)
    sqlite3-ruby (1.3.1)
    tzinfo (0.3.23)

PLATFORMS
  ruby

DEPENDENCIES
  activerecord (>= 3.0.0.rc)
  globalize3 (>= 0.0.5)
  sishen-rtranslate (>= 1.3)
  sqlite3-ruby
